GEM
  remote: http://rubygems.org/
  remote: http://rubygems.org/
  specs:
    json (1.5.1)
    rack (1.2.2)
    sass (3.1.1)
    sinatra (1.2.6)
      rack (~> 1.1)
      tilt (>= 1.2.2, < 2.0)
    slim (0.9.2)
      temple (~> 0.2.0)
      tilt (~> 1.2)
    temple (0.2.0)
    tilt (1.3)

PLATFORMS
  ruby

DEPENDENCIES
  json
  sass
  sinatra
  slim
